GEM
  remote: https://rubygems.org/
  specs:
    mustermann (1.0.3)
    power_assert (1.1.3)
    rack (2.0.6)
    rack-protection (2.0.4)
      rack
    rack-test (1.1.0)
      rack (>= 1.0, < 3)
    rake (12.3.1)
    sinatra (2.0.4)
      mustermann (~> 1.0)
      rack (~> 2.0)
      rack-protection (= 2.0.4)
      tilt (~> 2.0)
    test-unit (3.2.8)
      power_assert
    tilt (2.0.9)

PLATFORMS
  ruby

DEPENDENCIES
  rack-test
  rake
  sinatra
  test-unit

BUNDLED WITH
   1.16.1
